GIT
  remote: git@github.com:hammernight/taza.git
  revision: 112acbefa4c9815695f850da4e79eab7fd01e043
  specs:
    taza (0.0.1)
      Selenium (~> 1.1.14)
      firewatir (~> 1.2.1)
      mocha (~> 0.9.3)
      rake (~> 0.8.3)
      rspec (~> 2.6)
      rubigen (~> 1.5.6)
      user-choices (~> 1.1.6.1)

GEM
  remote: http://rubygems.org/
  specs:
    Selenium (1.1.14)
    activesupport (3.0.9)
    builder (3.0.0)
    commonwatir (2.0.1)
      user-choices
    cucumber (1.0.2)
      builder (>= 2.1.2)
      diff-lcs (>= 1.1.2)
      gherkin (~> 2.4.5)
      json (>= 1.4.6)
      term-ansicolor (>= 1.0.5)
    diff-lcs (1.1.2)
    ffi (1.0.9-x86-mingw32)
    firewatir (1.2.1)
    gherkin (2.4.6)
      json (>= 1.4.6)
    gherkin (2.4.6-x86-mingw32)
      json (>= 1.4.6)
    hoe (2.12.0)
      rake (~> 0.8)
    i18n (0.6.0)
    json (1.5.3)
    mocha (0.9.12)
    nokogiri (1.5.0-x86-mingw32)
    rake (0.8.7)
    rautomation (0.6.3)
    rspec (2.6.0)
      rspec-core (~> 2.6.0)
      rspec-expectations (~> 2.6.0)
      rspec-mocks (~> 2.6.0)
    rspec-core (2.6.4)
    rspec-expectations (2.6.0)
      diff-lcs (~> 1.1.2)
    rspec-mocks (2.6.0)
    rubigen (1.5.6)
      activesupport (>= 2.3.5)
      i18n
    s4t-utils (1.0.4)
      hoe (>= 1.3.0)
    term-ansicolor (1.0.6)
    user-choices (1.1.6.1)
      builder (>= 2.1.2)
      s4t-utils (>= 1.0.3)
      xml-simple (>= 1.0.11)
    watir (2.0.1)
      commonwatir (= 2.0.1)
      ffi (~> 1.0)
      nokogiri
      rautomation (~> 0.6.3)
      win32-process (>= 0.5.5)
      windows-pr (>= 0.6.6)
    win32-api (1.4.8-x86-mingw32)
    win32-process (0.6.5)
      windows-pr (>= 1.1.2)
    windows-api (0.4.0)
      win32-api (>= 1.4.5)
    windows-pr (1.2.0)
      win32-api (>= 1.4.5)
      windows-api (>= 0.3.0)
    xml-simple (1.1.0)

PLATFORMS
  ruby
  x86-mingw32

DEPENDENCIES
  cucumber
  taza!
  watir
