GIT
  remote: git@github.com:hammernight/taza.git
  revision: 78402913ba24182f1895aee612fc13e6d984de24
  specs:
    taza (0.9.1.2)
      Selenium (~> 1.1.14)
      firewatir (~> 1.9.4)
      mocha (~> 0.9.3)
      rake (~> 0.9.2)
      rspec (~> 2.6)
      rubigen (~> 1.5.6)
      user-choices (~> 1.1.6.1)
      watir-webdriver (~> 0.4)

GEM
  remote: http://rubygems.org/
  specs:
    Selenium (1.1.14)
    activesupport (3.2.0)
      i18n (~> 0.6)
      multi_json (~> 1.0)
    builder (3.0.0)
    childprocess (0.3.0)
      ffi (~> 1.0.6)
    commonwatir (2.0.4)
      user-choices
    cucumber (1.1.4)
      builder (>= 2.1.2)
      diff-lcs (>= 1.1.2)
      gherkin (~> 2.7.1)
      json (>= 1.4.6)
      term-ansicolor (>= 1.0.6)
    diff-lcs (1.1.3)
    ffi (1.0.11)
    firewatir (1.9.4)
      commonwatir (>= 1.9.2)
    gherkin (2.7.6)
      json (>= 1.4.6)
    gherkin (2.7.6-x86-mingw32)
      json (>= 1.4.6)
    hoe (2.13.0)
      rake (~> 0.8)
    i18n (0.6.0)
    json (1.6.5)
    mocha (0.9.12)
    multi_json (1.0.4)
    nokogiri (1.5.0-x86-mingw32)
    rake (0.9.2.2)
    rautomation (0.6.3)
    rspec (2.8.0)
      rspec-core (~> 2.8.0)
      rspec-expectations (~> 2.8.0)
      rspec-mocks (~> 2.8.0)
    rspec-core (2.8.0)
    rspec-expectations (2.8.0)
      diff-lcs (~> 1.1.2)
    rspec-mocks (2.8.0)
    rubigen (1.5.7)
      activesupport (>= 2.3.5)
      i18n
    rubyzip (0.9.5)
    s4t-utils (1.0.4)
      hoe (>= 1.3.0)
    selenium-webdriver (2.17.0)
      childprocess (>= 0.2.5)
      ffi (~> 1.0.9)
      multi_json (~> 1.0.4)
      rubyzip
    term-ansicolor (1.0.7)
    user-choices (1.1.6.1)
      builder (>= 2.1.2)
      s4t-utils (>= 1.0.3)
      xml-simple (>= 1.0.11)
    watir (2.0.4)
      commonwatir (= 2.0.4)
      ffi (~> 1.0)
      nokogiri
      rautomation (~> 0.6.3)
      win32-process (>= 0.5.5)
      windows-pr (>= 0.6.6)
    watir-webdriver (0.4.1)
      selenium-webdriver (>= 2.12.0)
    win32-api (1.4.8-x86-mingw32)
    win32-process (0.6.5)
      windows-pr (>= 1.1.2)
    windows-api (0.4.0)
      win32-api (>= 1.4.5)
    windows-pr (1.2.1)
      win32-api (>= 1.4.5)
      windows-api (>= 0.3.0)
    xml-simple (1.1.1)

PLATFORMS
  ruby
  x86-mingw32

DEPENDENCIES
  cucumber
  selenium-webdriver
  taza!
  watir
  watir-webdriver
