GIT
  remote: git@github.com:hammernight/taza.git
  revision: 9ff32da83b7fa77731b38f3fa25e5bd4a1d8f1ac
  branch: 19-support
  specs:
    taza (0.0.1)
      Selenium (~> 1.1.14)
      firewatir (~> 1.2.1)
      mocha (~> 0.9.3)
      rake (~> 0.8.3)
      rspec (~> 2.6)
      rubigen (~> 1.5.6)
      user-choices (~> 1.1.6.1)
      watir-webdriver (~> 0.3.1)

GEM
  remote: http://rubygems.org/
  specs:
    Selenium (1.1.14)
    activesupport (3.1.1)
      multi_json (~> 1.0)
    builder (3.0.0)
    childprocess (0.2.2)
      ffi (~> 1.0.6)
    commonwatir (2.0.2)
      user-choices
    cucumber (1.1.0)
      builder (>= 2.1.2)
      diff-lcs (>= 1.1.2)
      gherkin (~> 2.5.0)
      json (>= 1.4.6)
      term-ansicolor (>= 1.0.6)
    diff-lcs (1.1.3)
    ffi (1.0.9)
    ffi (1.0.9-x86-mingw32)
    firewatir (1.2.1)
    gherkin (2.5.3)
      json (>= 1.4.6)
    gherkin (2.5.3-x86-mingw32)
      json (>= 1.4.6)
    hoe (2.12.3)
      rake (~> 0.8)
    i18n (0.6.0)
    json (1.6.1)
    json_pure (1.6.1)
    mocha (0.9.12)
    multi_json (1.0.3)
    nokogiri (1.5.0-x86-mingw32)
    rake (0.8.7)
    rautomation (0.6.3)
    rspec (2.7.0)
      rspec-core (~> 2.7.0)
      rspec-expectations (~> 2.7.0)
      rspec-mocks (~> 2.7.0)
    rspec-core (2.7.0)
    rspec-expectations (2.7.0)
      diff-lcs (~> 1.1.2)
    rspec-mocks (2.7.0)
    rubigen (1.5.6)
      activesupport (>= 2.3.5)
      i18n
    rubyzip (0.9.4)
    s4t-utils (1.0.4)
      hoe (>= 1.3.0)
    selenium-webdriver (2.8.0)
      childprocess (>= 0.2.1)
      ffi (>= 1.0.7)
      json_pure
      rubyzip
    term-ansicolor (1.0.7)
    user-choices (1.1.6.1)
      builder (>= 2.1.2)
      s4t-utils (>= 1.0.3)
      xml-simple (>= 1.0.11)
    watir (2.0.2)
      commonwatir (= 2.0.2)
      ffi (~> 1.0)
      nokogiri
      rautomation (~> 0.6.3)
      win32-process (>= 0.5.5)
      windows-pr (>= 0.6.6)
    watir-webdriver (0.3.5)
      selenium-webdriver (>= 0.2.2)
    win32-api (1.4.8-x86-mingw32)
    win32-process (0.6.5)
      windows-pr (>= 1.1.2)
    windows-api (0.4.0)
      win32-api (>= 1.4.5)
    windows-pr (1.2.1)
      win32-api (>= 1.4.5)
      windows-api (>= 0.3.0)
    xml-simple (1.1.1)

PLATFORMS
  ruby
  x86-mingw32

DEPENDENCIES
  cucumber
  taza!
  watir
